GEM
  remote: http://rubygems.org/
  specs:
    json (1.5.0-java)
    json-jruby (1.5.0-java)
      json (= 1.5.0)
    json_pure (1.6.6)
    multi_json (1.3.2)
    oj (1.2.4)
    yajl-ruby (1.1.0)

PLATFORMS
  java

DEPENDENCIES
  json-jruby
  json_pure
  multi_json
  oj
  yajl-ruby
