GEM
  remote: http://rubygems.org/
  specs:
    bouncy-castle-java (1.5.0146.1)
    jruby-openssl (0.7.6.1)
      bouncy-castle-java (>= 1.5.0146.1)
    jruby-rack (1.1.5)
    json (1.5.0-java)
    json-jruby (1.5.0-java)
      json (= 1.5.0)
    multi_json (1.2.0)
    puma (1.1.1)
      rack (~> 1.2)
    puma (1.1.1-java)
      rack (~> 1.2)
    rack (1.4.1)
    rack-protection (1.2.0)
      rack
    sinatra (1.3.2)
      rack (~> 1.3, >= 1.3.6)
      rack-protection (~> 1.2)
      tilt (~> 1.3, >= 1.3.3)
    tilt (1.3.3)
    trinidad (1.3.5)
      jruby-rack (>= 1.1.5)
      trinidad_jars (>= 1.0.2)
    trinidad_jars (1.0.3)

PLATFORMS
  java
  ruby

DEPENDENCIES
  jruby-openssl
  json-jruby
  multi_json
  puma
  sinatra
  trinidad
