GEM
  remote: http://rubygems.org/
  specs:
    json (1.6.6)
    json_pure (1.6.6)
    multi_json (1.3.2)
    oj (1.2.4)
    yajl-ruby (1.1.0)

PLATFORMS
  ruby

DEPENDENCIES
  json
  json_pure
  multi_json
  oj
  yajl-ruby
